GEM
  remote: https://rubygems.org/
  specs:
    amazing_print (1.4.0)
    ast (2.4.2)
    auto_injector (0.5.0)
      marameters (~> 0.4)
      zeitwerk (~> 2.5)
    bundler-leak (0.3.0)
      bundler (>= 1.2.0, < 3)
      thor (>= 0.18, < 2)
    caliber (0.11.0)
      rubocop (~> 1.31)
      rubocop-performance (~> 1.14)
      rubocop-rake (~> 0.6)
      rubocop-rspec (~> 2.12)
      rubocop-thread_safety (~> 0.4)
    coderay (1.1.3)
    cogger (0.1.0)
      pastel (~> 0.8)
      zeitwerk (~> 2.5)
    concurrent-ruby (1.1.10)
    debug (1.5.0)
      irb (>= 1.3.6)
      reline (>= 0.2.7)
    diff-lcs (1.5.0)
    docile (1.4.0)
    dry-configurable (0.15.0)
      concurrent-ruby (~> 1.0)
      dry-core (~> 0.6)
    dry-container (0.9.0)
      concurrent-ruby (~> 1.0)
      dry-configurable (~> 0.13, >= 0.13.0)
    dry-core (0.7.1)
      concurrent-ruby (~> 1.0)
    dry-monads (1.4.0)
      concurrent-ruby (~> 1.0)
      dry-core (~> 0.7)
    ffi (1.15.5)
    formatador (1.1.0)
    git-lint (4.2.0)
      auto_injector (~> 0.5)
      cogger (~> 0.1)
      dry-container (~> 0.9)
      git_plus (~> 1.3)
      pastel (~> 0.8)
      refinements (~> 9.4)
      runcom (~> 8.4)
      spek (~> 0.3)
      zeitwerk (~> 2.5)
    git_plus (1.4.0)
      refinements (~> 9.4)
      zeitwerk (~> 2.5)
    guard (2.18.0)
      formatador (>= 0.2.4)
      listen (>= 2.7, < 4.0)
      lumberjack (>= 1.0.12, < 2.0)
      nenv (~> 0.1)
      notiffany (~> 0.0)
      pry (>= 0.13.0)
      shellany (~> 0.0)
      thor (>= 0.18.1)
    guard-compat (1.2.1)
    guard-rspec (4.7.3)
      guard (~> 2.1)
      guard-compat (~> 1.1)
      rspec (>= 2.99.0, < 4.0)
    io-console (0.5.11)
    irb (1.4.1)
      reline (>= 0.3.0)
    json (2.6.2)
    kwalify (0.7.2)
    listen (3.7.1)
      rb-fsevent (~> 0.10, >= 0.10.3)
      rb-inotify (~> 0.9, >= 0.9.10)
    lumberjack (1.2.8)
    marameters (0.4.0)
      refinements (~> 9.2)
      zeitwerk (~> 2.5)
    method_source (1.0.0)
    nenv (0.3.0)
    notiffany (0.1.3)
      nenv (~> 0.1)
      shellany (~> 0.0)
    parallel (1.22.1)
    parser (3.1.2.0)
      ast (~> 2.4.1)
    pastel (0.8.0)
      tty-color (~> 0.5)
    pry (0.14.1)
      coderay (~> 1.1)
      method_source (~> 1.0)
    rainbow (3.1.1)
    rake (13.0.6)
    rb-fsevent (0.11.1)
    rb-inotify (0.10.1)
      ffi (~> 1.0)
    reek (6.1.1)
      kwalify (~> 0.7.0)
      parser (~> 3.1.0)
      rainbow (>= 2.0, < 4.0)
    refinements (9.5.0)
    regexp_parser (2.5.0)
    reline (0.3.1)
      io-console (~> 0.5)
    rexml (3.2.5)
    rspec (3.11.0)
      rspec-core (~> 3.11.0)
      rspec-expectations (~> 3.11.0)
      rspec-mocks (~> 3.11.0)
    rspec-core (3.11.0)
      rspec-support (~> 3.11.0)
    rspec-expectations (3.11.0)
      diff-lcs (>= 1.2.0, < 2.0)
      rspec-support (~> 3.11.0)
    rspec-mocks (3.11.1)
      diff-lcs (>= 1.2.0, < 2.0)
      rspec-support (~> 3.11.0)
    rspec-support (3.11.0)
    rubocop (1.31.1)
      json (~> 2.3)
      parallel (~> 1.10)
      parser (>= 3.1.0.0)
      rainbow (>= 2.2.2, < 4.0)
      regexp_parser (>= 1.8, < 3.0)
      rexml (>= 3.2.5, < 4.0)
      rubocop-ast (>= 1.18.0, < 2.0)
      ruby-progressbar (~> 1.7)
      unicode-display_width (>= 1.4.0, < 3.0)
    rubocop-ast (1.18.0)
      parser (>= 3.1.1.0)
    rubocop-performance (1.14.2)
      rubocop (>= 1.7.0, < 2.0)
      rubocop-ast (>= 0.4.0)
    rubocop-rake (0.6.0)
      rubocop (~> 1.0)
    rubocop-rspec (2.12.1)
      rubocop (~> 1.31)
    rubocop-thread_safety (0.4.4)
      rubocop (>= 0.53.0)
    ruby-progressbar (1.11.0)
    runcom (8.4.0)
      refinements (~> 9.4)
      xdg (~> 6.4)
    shellany (0.0.1)
    simplecov (0.21.2)
      docile (~> 1.1)
      simplecov-html (~> 0.11)
      simplecov_json_formatter (~> 0.1)
    simplecov-html (0.12.3)
    simplecov_json_formatter (0.1.4)
    spek (0.3.0)
      dry-monads (~> 1.4)
      refinements (~> 9.4)
      versionaire (~> 10.3)
      zeitwerk (~> 2.5)
    thor (1.2.1)
    tty-color (0.6.0)
    unicode-display_width (2.2.0)
    versionaire (10.4.0)
      refinements (~> 9.4)
    xdg (6.4.0)
    zeitwerk (2.6.0)

PLATFORMS
  arm64-darwin-21

DEPENDENCIES
  amazing_print (~> 1.4)
  bundler-leak (~> 0.2)
  caliber (~> 0.9)
  debug (~> 1.5)
  git-lint (~> 4.0)
  guard-rspec (~> 4.7)
  rake (~> 13.0)
  reek (~> 6.1)
  refinements (~> 9.4)
  rspec (~> 3.11)
  simplecov (~> 0.21)
  zeitwerk (~> 2.5)

RUBY VERSION
   ruby 3.1.2p20

BUNDLED WITH
   2.3.15
